PATH
  remote: .
  specs:
    fluffy_paws (0.1.0)
      bcrypt
      haml
      pg
      rack-test
      sendgrid-ruby
      sequel
      sequel_pg
      sinatra

GEM
  remote: https://rubygems.org/
  specs:
    bcrypt (3.1.11)
    haml (4.0.7)
      tilt
    minitest (5.10.1)
    pg (0.20.0)
    rack (1.6.5)
    rack-protection (1.5.3)
      rack
    rack-test (0.6.3)
      rack (>= 1.0)
    rake (10.5.0)
    ruby_http_client (3.0.1)
    sendgrid-ruby (4.0.8)
      ruby_http_client (~> 3.0.1)
    sequel (4.44.0)
    sequel_pg (1.6.17)
      pg (>= 0.8.0)
      sequel (>= 4.0.0)
    sinatra (1.4.8)
      rack (~> 1.5)
      rack-protection (~> 1.4)
      tilt (>= 1.3, < 3)
    tilt (2.0.7)

PLATFORMS
  ruby

DEPENDENCIES
  bundler (~> 1.14)
  fluffy_paws!
  minitest (~> 5.10)
  rake (~> 10.5)

BUNDLED WITH
   1.14.6
